GEM
  remote: https://rubygems.org/
  specs:
    addressable (2.6.0)
      public_suffix (>= 2.0.2, < 4.0)
    airbrake (9.4.0)
      airbrake-ruby (~> 4.5)
    airbrake-ruby (4.5.1)
      rbtree3 (~> 0.5)
    concurrent-ruby (1.1.5)
    domain_name (0.5.20190701)
      unf (>= 0.0.5, < 1.0.0)
    dotenv (2.7.4)
    hamster (3.0.0)
      concurrent-ruby (~> 1.0)
    http (3.3.0)
      addressable (~> 2.3)
      http-cookie (~> 1.0)
      http-form_data (~> 2.0)
      http_parser.rb (~> 0.6.0)
    http-cookie (1.0.3)
      domain_name (~> 0.5)
    http-form_data (2.1.1)
    http_parser.rb (0.6.0)
    json-ld (3.0.2)
      multi_json (~> 1.12)
      rdf (>= 2.2.8, < 4.0)
    kgio (2.11.2)
    link_header (0.0.8)
    multi_json (1.13.1)
    mustermann (1.1.1)
      ruby2_keywords (~> 0.0.1)
    oj (3.7.12)
    pg (1.1.4)
    public_suffix (3.1.1)
    rack (2.2.3)
    rack-protection (2.2.0)
      rack
    raindrops (0.19.0)
    rake (12.3.2)
    rbtree3 (0.5.0)
    rdf (3.0.12)
      hamster (~> 3.0)
      link_header (~> 0.0, >= 0.0.8)
    rdf-normalize (0.3.3)
      rdf (>= 2.2, < 4.0)
    ruby2_keywords (0.0.5)
    sequel (5.22.0)
    sinatra (2.2.0)
      mustermann (~> 1.0)
      rack (~> 2.2)
      rack-protection (= 2.2.0)
      tilt (~> 2.0)
    tilt (2.0.10)
    unf (0.1.4)
      unf_ext
    unf_ext (0.0.7.6)
    unicorn (5.5.1)
      kgio (~> 2.6)
      raindrops (~> 0.7)

PLATFORMS
  ruby

DEPENDENCIES
  addressable (~> 2.6)
  airbrake (~> 9.4)
  dotenv (~> 2.7)
  http (~> 3.3)
  json-ld (~> 3.0)
  oj (~> 3.7)
  pg (~> 1.1)
  rake (~> 12.3)
  rdf-normalize (~> 0.3.3)
  sequel (~> 5.22)
  sinatra (~> 2.2)
  unicorn (~> 5.5)

BUNDLED WITH
   1.16.3
